GEM
  remote: https://rubygems.org/
  specs:
    os (0.9.6)
    rack (1.6.0)
    rack-protection (1.5.3)
      rack
    sinatra (1.4.6)
      rack (~> 1.4)
      rack-protection (~> 1.4)
      tilt (>= 1.3, < 3)
    tilt (2.0.1)
    vmstat (2.1.0)

PLATFORMS
  ruby

DEPENDENCIES
  os
  sinatra
  vmstat

BUNDLED WITH
   1.10.3
